GEM
  remote: https://rubygems.org/
  specs:
    activemodel (6.1.7.1)
      activesupport (= 6.1.7.1)
    activemodel-serializers-xml (1.0.2)
      activemodel (> 5.x)
      activesupport (> 5.x)
      builder (~> 3.1)
    activerecord (6.1.7.1)
      activemodel (= 6.1.7.1)
      activesupport (= 6.1.7.1)
    activeresource (6.0.0)
      activemodel (>= 6.0)
      activemodel-serializers-xml (~> 1.0)
      activesupport (>= 6.0)
    activesupport (6.1.7.1)
      concurrent-ruby (~> 1.0, >= 1.0.2)
      i18n (>= 1.6, < 2)
      minitest (>= 5.1)
      tzinfo (~> 2.0)
      zeitwerk (~> 2.3)
    backports (3.15.0)
    builder (3.2.4)
    coderay (1.1.2)
    concurrent-ruby (1.1.10)
    dotenv (2.7.4)
    graphql (2.0.16)
    graphql-client (0.18.0)
      activesupport (>= 3.0)
      graphql
    i18n (1.12.0)
      concurrent-ruby (~> 1.0)
    method_source (0.9.2)
    minitest (5.17.0)
    multi_json (1.13.1)
    mustermann (1.0.3)
    pg (0.19.0)
    pry (0.12.2)
      coderay (~> 1.1.0)
      method_source (~> 0.9.0)
    puma (3.12.1)
    rack (2.0.7)
    rack-protection (2.0.5)
      rack
    rake (12.3.2)
    shopify_api (4.13.0)
      activeresource (>= 3.0.0)
      graphql-client
      rack
    sinatra (2.0.5)
      mustermann (~> 1.0)
      rack (~> 2.0)
      rack-protection (= 2.0.5)
      tilt (~> 2.0)
    sinatra-activerecord (2.0.13)
      activerecord (>= 3.2)
      sinatra (>= 1.0)
    sinatra-contrib (2.0.5)
      backports (>= 2.8.2)
      multi_json
      mustermann (~> 1.0)
      rack-protection (= 2.0.5)
      sinatra (= 2.0.5)
      tilt (>= 1.3, < 3)
    sinatra-flash (0.3.0)
      sinatra (>= 1.0.0)
    tilt (2.0.9)
    tzinfo (2.0.5)
      concurrent-ruby (~> 1.0)
    zeitwerk (2.6.6)

PLATFORMS
  ruby

DEPENDENCIES
  activesupport
  dotenv
  pg
  pry
  puma
  rack
  rake
  shopify_api
  sinatra
  sinatra-activerecord
  sinatra-contrib
  sinatra-flash

RUBY VERSION
   ruby 2.6.3p62

BUNDLED WITH
   1.17.2
